GEM
  remote: http://rubygems.org/
  specs:
    addressable (2.2.8)
    daemons (1.1.4)
    eventmachine (0.12.10)
    faraday (0.8.0)
      multipart-post (~> 1.1)
    foreman (0.46.0)
      thor (>= 0.13.6)
    heroku (2.25.0)
      launchy (>= 0.3.2)
      netrc (~> 0.7.1)
      rest-client (~> 1.6.1)
      rubyzip
    hike (1.2.1)
    httpauth (0.1)
    launchy (2.1.0)
      addressable (~> 2.2.6)
    mime-types (1.18)
    multi_json (1.3.4)
    multipart-post (1.1.5)
    netrc (0.7.1)
    oauth2 (0.7.1)
      faraday (~> 0.8)
      httpauth (~> 0.1)
      multi_json (~> 1.0)
      rack (~> 1.4)
    rack (1.4.1)
    rack-protection (1.2.0)
      rack
    rack-test (0.6.1)
      rack (>= 1.0)
    rake (0.9.2.2)
    rest-client (1.6.7)
      mime-types (>= 1.16)
    rubyzip (0.9.8)
    shotgun (0.9)
      rack (>= 1.0)
    sinatra (1.3.2)
      rack (~> 1.3, >= 1.3.6)
      rack-protection (~> 1.2)
      tilt (~> 1.3, >= 1.3.3)
    sprockets (2.4.1)
      hike (~> 1.2)
      multi_json (~> 1.0)
      rack (~> 1.0)
      tilt (~> 1.1, != 1.3.0)
    thin (1.3.1)
      daemons (>= 1.0.9)
      eventmachine (>= 0.12.6)
      rack (>= 1.0.0)
    thor (0.15.1)
    tilt (1.3.3)

PLATFORMS
  ruby

DEPENDENCIES
  foreman
  heroku
  oauth2
  rack-test
  rake
  shotgun
  sinatra
  sprockets
  thin
